GIT
  remote: git://github.com/MiniProfiler/rack-mini-profiler.git
  revision: 6621e74681f012007ab22e7217080ee07b2930bc
  specs:
    rack-mini-profiler (0.9.3)
      rack (>= 1.1.3)

GIT
  remote: git://github.com/amatsuda/traceroute.git
  revision: 781543f7732c483c6a612a6ad5dde29175667a92
  specs:
    traceroute (0.4.0)
      rails (>= 3.0.0)

GIT
  remote: git://github.com/banister/binding_of_caller.git
  revision: 21361f1b38b9a514f8280b69f919787235b5d354
  specs:
    binding_of_caller (0.7.3.pre1)
      debug_inspector (>= 0.0.1)

GIT
  remote: git://github.com/bmabey/database_cleaner.git
  revision: bb608dd3ac6b149cbe92a658d3f8abbebfe82f3f
  specs:
    database_cleaner (1.4.1)

GIT
  remote: git://github.com/bmabey/email-spec.git
  revision: d0941baf389b50c62b2eb77d9f60081a860eda1c
  specs:
    email_spec (1.6.0)
      launchy (~> 2.1)
      mail (~> 2.2)

GIT
  remote: git://github.com/brentd/xray-rails.git
  revision: 1a5641c57a285590880324ae085a64e56dcdca1a
  specs:
    xray-rails (0.1.15)
      coffee-rails
      rails (>= 3.1.0)

GIT
  remote: git://github.com/charliesome/better_errors.git
  revision: 3247eae5ccb7f33f0e84df779d70b053ace81edf
  specs:
    better_errors (2.1.1)
      coderay (>= 1.0.0)
      erubis (>= 2.6.6)
      rack (>= 0.9.0)

GIT
  remote: git://github.com/ctran/annotate_models.git
  revision: 52ffefcbe4e89cb172e2007eda0f74ac40798727
  specs:
    annotate (2.6.8)
      activerecord (>= 3.2, <= 4.3)
      rake (~> 10.4)

GIT
  remote: git://github.com/deivid-rodriguez/pry-byebug.git
  revision: 721046a219d1ed64b9ebbe0c97d317f147ecb54a
  specs:
    pry-byebug (3.1.0)
      byebug (~> 4.0)
      pry (~> 0.10)

GIT
  remote: git://github.com/evrone/quiet_assets.git
  revision: f3f349b53e7cbc141febf29633071518cc94ebb8
  specs:
    quiet_assets (1.1.0)
      railties (>= 3.1, < 5.0)

GIT
  remote: git://github.com/flyerhzm/bullet.git
  revision: 5f68942eaa076fe56cea6487a863c2ebc073b920
  specs:
    bullet (4.14.4)
      activesupport (>= 3.0.0)
      uniform_notifier (~> 1.7.0)

GIT
  remote: git://github.com/jenseng/immigrant.git
  revision: ab1ce990423be4695a2175e65593fcb150d42f25
  specs:
    immigrant (0.3.1)
      activerecord (>= 3.0)

GIT
  remote: git://github.com/josevalim/rails-footnotes.git
  revision: 00e6e22bd16e593faa943c4e7919d09baed0e93b
  specs:
    rails-footnotes (4.1.6)
      rails (>= 3.2)

GIT
  remote: git://github.com/lsgpimentel/sprockets-urlrewriter.git
  revision: d7b9d353a1eda754ff2bd4af749eb20e66b0182c
  specs:
    sprockets-urlrewriter (0.1.3)
      sprockets

GIT
  remote: git://github.com/matthuhiggins/foreigner.git
  revision: 3055686242902b7bd6be5354e167c5d00fc76c78
  specs:
    foreigner (1.7.2)
      activerecord (>= 3.0.0)

GIT
  remote: git://github.com/mhfs/devise-async.git
  revision: 7a584de37c729fe8fe163f8213839f731e3de289
  specs:
    devise-async (0.9.0)
      devise (~> 3.2)

GIT
  remote: git://github.com/mkdynamic/omniauth-facebook.git
  revision: a147d959b460dcfc0d660de8958e92de0e2935c2
  specs:
    omniauth-facebook (2.1.0)
      omniauth-oauth2 (~> 1.2)

GIT
  remote: git://github.com/plentz/lol_dba.git
  revision: eb591d550ed33e552e3fbfb87eac8cf78e84a3a2
  specs:
    lol_dba (1.6.6)
      actionpack (>= 3.0, < 5.0)
      activerecord (>= 3.0, < 5.0)
      railties (>= 3.0, < 5.0)

GIT
  remote: git://github.com/preston/railroady.git
  revision: bb417a31ef2f31c1f373c2bf6d377062e4f85c5a
  specs:
    railroady (1.3.0)

GIT
  remote: git://github.com/ryanb/nested_form.git
  revision: 1b0689dfb4d230ceabd278eba159fcb02f23c68a
  specs:
    nested_form (0.3.2)

GIT
  remote: git://github.com/sporkrb/spork-rails.git
  revision: 0dd45e59d3237b4c8f9efc215b46d9c07072a95e
  specs:
    spork-rails (4.0.0)
      rails (>= 3.0.0, < 5)
      spork (>= 1.0rc0)

GIT
  remote: git://github.com/thirtysixthspan/descriptive_statistics.git
  revision: d344bc129b22f2c2d004658595e037eff9fae24d
  specs:
    descriptive_statistics (2.5.1)

GIT
  remote: git://github.com/tkrotoff/jquery-simplecolorpicker-rails.git
  revision: ccdca033e6799d3d1dba1a364abe185c07ecaab5
  specs:
    jquery-simplecolorpicker-rails (0.5.0)
      railties (>= 3.1.0)

GIT
  remote: git://github.com/troessner/reek.git
  revision: 93fb7df91f4974c716111950e78238f0d1210b28
  specs:
    reek (2.0.2)
      parser (~> 2.2)
      rainbow (~> 2.0)
      require_all (~> 1.3)
      unparser (~> 0.2.2)

GIT
  remote: git://github.com/tute/merit.git
  revision: 633f045bf84e6c527b8adeb55523ed78cc8f1a53
  specs:
    merit (2.3.1)
      ambry (~> 0.3.0)

GIT
  remote: git://github.com/wvanbergen/request-log-analyzer.git
  revision: b83865d440278583ac8e4901bb33878244fd7c75
  specs:
    request-log-analyzer (1.13.4)

GIT
  remote: git://github.com/zquestz/omniauth-google-oauth2.git
  revision: 82102b9a2fb94ba4a52c2effc2fc2ce94c88d83e
  specs:
    omniauth-google-oauth2 (0.2.6)
      jwt (~> 1.0)
      multi_json (~> 1.3)
      omniauth (>= 1.1.1)
      omniauth-oauth2 (>= 1.1.1)

GEM
  remote: https://rubygems.org/
  specs:
    abstract_type (0.0.7)
    actionmailer (4.0.13)
      actionpack (= 4.0.13)
      mail (~> 2.5, >= 2.5.4)
    actionpack (4.0.13)
      activesupport (= 4.0.13)
      builder (~> 3.1.0)
      erubis (~> 2.7.0)
      rack (~> 1.5.2)
      rack-test (~> 0.6.2)
    activemodel (4.0.13)
      activesupport (= 4.0.13)
      builder (~> 3.1.0)
    activerecord (4.0.13)
      activemodel (= 4.0.13)
      activerecord-deprecated_finders (~> 1.0.2)
      activesupport (= 4.0.13)
      arel (~> 4.0.0)
    activerecord-deprecated_finders (1.0.3)
    activesupport (4.0.13)
      i18n (~> 0.6, >= 0.6.9)
      minitest (~> 4.2)
      multi_json (~> 1.3)
      thread_safe (~> 0.1)
      tzinfo (~> 0.3.37)
    adamantium (0.2.0)
      ice_nine (~> 0.11.0)
      memoizable (~> 0.4.0)
    addressable (2.3.7)
    ambry (0.3.1)
    arel (4.0.2)
    ast (2.0.0)
    autoparse (0.3.3)
      addressable (>= 2.3.1)
      extlib (>= 0.9.15)
      multi_json (>= 1.0.0)
    bcrypt (3.1.10)
    bcrypt-ruby (3.0.1)
    bootstrap-sass (2.3.2.0)
      sass (~> 3.2)
    bootstrap-will_paginate (0.0.9)
      will_paginate
    brakeman (2.1.2)
      erubis (~> 2.6)
      fastercsv (~> 1.5)
      haml (>= 3.0, < 5.0)
      highline (~> 1.6.19)
      multi_json (~> 1.2)
      ruby2ruby (~> 2.0.5)
      ruby_parser (~> 3.2.2)
      sass (~> 3.0)
      slim (>= 1.3.6, < 3.0)
      terminal-table (~> 1.4)
    breadcrumbs_on_rails (2.3.0)
    builder (3.1.4)
    byebug (4.0.2)
      columnize (= 0.9.0)
    cancan (1.6.10)
    capybara (2.1.0)
      mime-types (>= 1.16)
      nokogiri (>= 1.3.3)
      rack (>= 1.0.0)
      rack-test (>= 0.5.4)
      xpath (~> 2.0)
    celluloid (0.16.0)
      timers (~> 4.0.0)
    childprocess (0.5.5)
      ffi (~> 1.0, >= 1.0.11)
    clockwork (0.6.2)
      activesupport
      tzinfo (~> 0.3.35)
    coderay (1.1.0)
    coffee-rails (4.0.0)
      coffee-script (>= 2.2.0)
      railties (>= 4.0.0.beta, < 5.0)
    coffee-script (2.3.0)
      coffee-script-source
      execjs
    coffee-script-source (1.9.1)
    columnize (0.9.0)
    concord (0.1.5)
      adamantium (~> 0.2.0)
      equalizer (~> 0.0.9)
    css_parser (1.3.6)
      addressable
    daemons (1.2.1)
    debug_inspector (0.0.2)
    delayed_job (4.0.6)
      activesupport (>= 3.0, < 5.0)
    delayed_job_active_record (4.0.3)
      activerecord (>= 3.0, < 5.0)
      delayed_job (>= 3.0, < 4.1)
    delayed_job_web (1.2.10)
      activerecord (> 3.0.0)
      delayed_job (> 2.0.3)
      sinatra (>= 1.4.4)
    devise (3.4.1)
      bcrypt (~> 3.0)
      orm_adapter (~> 0.1)
      railties (>= 3.2.6, < 5)
      responders
      thread_safe (~> 0.1)
      warden (~> 1.2.3)
    diff-lcs (1.2.5)
    enumerize (0.7.0)
      activesupport (>= 3.2)
    equalizer (0.0.9)
    erubis (2.7.0)
    eventmachine (1.0.7)
    execjs (2.4.0)
    extlib (0.9.16)
    factory_girl (4.5.0)
      activesupport (>= 3.0.0)
    factory_girl_rails (4.5.0)
      factory_girl (~> 4.5.0)
      railties (>= 3.0.0)
    faraday (0.8.9)
      multipart-post (~> 1.2.0)
    fastercsv (1.5.5)
    ffaker (1.18.0)
    ffi (1.9.8)
    figaro (0.7.0)
      bundler (~> 1.0)
      rails (>= 3, < 5)
    formatador (0.2.5)
    google-api-client (0.6.4)
      addressable (>= 2.3.2)
      autoparse (>= 0.3.3)
      extlib (>= 0.9.15)
      faraday (~> 0.8.4)
      jwt (>= 0.1.5)
      launchy (>= 2.1.1)
      multi_json (>= 1.0.0)
      signet (~> 0.4.5)
      uuidtools (>= 2.1.0)
    guard (2.12.5)
      formatador (>= 0.2.4)
      listen (~> 2.7)
      lumberjack (~> 1.0)
      nenv (~> 0.1)
      notiffany (~> 0.0)
      pry (>= 0.9.12)
      shellany (~> 0.0)
      thor (>= 0.18.1)
    guard-rspec (4.0.4)
      guard (>= 2.1.1)
      rspec (~> 2.14)
    guard-spork (1.5.1)
      childprocess (>= 0.2.3)
      guard (>= 1.1)
      spork (>= 0.8.4)
    haml (4.0.6)
      tilt
    haml-rails (0.5.3)
      actionpack (>= 4.0.1)
      activesupport (>= 4.0.1)
      haml (>= 3.1, < 5.0)
      railties (>= 4.0.1)
    hashie (3.4.0)
    highline (1.6.21)
    hike (1.2.3)
    hitimes (1.2.2)
    htmlentities (4.3.3)
    i18n (0.7.0)
    i18n-js (2.1.2)
      i18n
    icalendar (1.4.5)
    ice_cube (0.11.3)
    ice_nine (0.11.1)
    jbuilder (1.5.0)
      activesupport (>= 3.0.0)
      multi_json (>= 1.2.0)
    jquery-datatables-rails (1.12.2)
      jquery-rails
    jquery-rails (2.2.1)
      railties (>= 3.0, < 5.0)
      thor (>= 0.14, < 2.0)
    jquery-turbolinks (2.0.2)
      railties (>= 3.1.0)
      turbolinks
    json (1.8.2)
    jwt (1.4.1)
    launchy (2.4.3)
      addressable (~> 2.3)
    libv8 (3.16.14.7)
    listen (2.9.0)
      celluloid (>= 0.15.2)
      rb-fsevent (>= 0.9.3)
      rb-inotify (>= 0.9)
    lumberjack (1.0.9)
    mail (2.6.3)
      mime-types (>= 1.16, < 3)
    memoizable (0.4.2)
      thread_safe (~> 0.3, >= 0.3.1)
    method_source (0.8.2)
    mime-types (2.4.3)
    mini_portile (0.6.2)
    minitest (4.7.5)
    multi_json (1.11.0)
    multi_xml (0.5.5)
    multipart-post (1.2.0)
    nenv (0.2.0)
    nokogiri (1.6.6.2)
      mini_portile (~> 0.6.0)
    notiffany (0.0.6)
      nenv (~> 0.1)
      shellany (~> 0.0)
    oauth2 (1.0.0)
      faraday (>= 0.8, < 0.10)
      jwt (~> 1.0)
      multi_json (~> 1.3)
      multi_xml (~> 0.5)
      rack (~> 1.2)
    omniauth (1.2.2)
      hashie (>= 1.2, < 4)
      rack (~> 1.0)
    omniauth-oauth2 (1.2.0)
      faraday (>= 0.8, < 0.10)
      multi_json (~> 1.3)
      oauth2 (~> 1.0)
      omniauth (~> 1.2)
    orm_adapter (0.5.0)
    parser (2.2.0.3)
      ast (>= 1.1, < 3.0)
    pg (0.18.1)
    premailer (1.8.4)
      css_parser (>= 1.3.6)
      htmlentities (>= 4.0.0)
    premailer-rails (1.8.0)
      actionmailer (>= 3, < 5)
      premailer (~> 1.7, >= 1.7.9)
    procto (0.0.2)
    pry (0.10.1)
      coderay (~> 1.1.0)
      method_source (~> 0.8.1)
      slop (~> 3.4)
    rack (1.5.2)
    rack-protection (1.5.3)
      rack
    rack-test (0.6.3)
      rack (>= 1.0)
    rails (4.0.13)
      actionmailer (= 4.0.13)
      actionpack (= 4.0.13)
      activerecord (= 4.0.13)
      activesupport (= 4.0.13)
      bundler (>= 1.3.0, < 2.0)
      railties (= 4.0.13)
      sprockets-rails (~> 2.0)
    rails_12factor (0.0.2)
      rails_serve_static_assets
      rails_stdout_logging
    rails_serve_static_assets (0.0.4)
    rails_stdout_logging (0.0.3)
    railties (4.0.13)
      actionpack (= 4.0.13)
      activesupport (= 4.0.13)
      rake (>= 0.8.7)
      thor (>= 0.18.1, < 2.0)
    rainbow (2.0.0)
    rake (10.4.2)
    rb-fsevent (0.9.4)
    rb-inotify (0.9.5)
      ffi (>= 0.5.0)
    rb-readline (0.5.2)
    rdoc (4.2.0)
      json (~> 1.4)
    recaptcha (0.3.6)
    ref (1.0.5)
    require_all (1.3.2)
    responders (1.1.2)
      railties (>= 3.2, < 4.2)
    rspec (2.14.1)
      rspec-core (~> 2.14.0)
      rspec-expectations (~> 2.14.0)
      rspec-mocks (~> 2.14.0)
    rspec-core (2.14.8)
    rspec-expectations (2.14.5)
      diff-lcs (>= 1.1.3, < 2.0)
    rspec-mocks (2.14.6)
    rspec-rails (2.14.0)
      actionpack (>= 3.0)
      activesupport (>= 3.0)
      railties (>= 3.0)
      rspec-core (~> 2.14.0)
      rspec-expectations (~> 2.14.0)
      rspec-mocks (~> 2.14.0)
    ruby2ruby (2.0.8)
      ruby_parser (~> 3.1)
      sexp_processor (~> 4.0)
    ruby_parser (3.2.2)
      sexp_processor (~> 4.1)
    rubyzip (0.9.9)
    sass (3.2.19)
    sass-rails (4.0.5)
      railties (>= 4.0.0, < 5.0)
      sass (~> 3.2.2)
      sprockets (~> 2.8, < 3.0)
      sprockets-rails (~> 2.0)
    sdoc (0.4.1)
      json (~> 1.7, >= 1.7.7)
      rdoc (~> 4.0)
    selenium-webdriver (2.35.1)
      childprocess (>= 0.2.5)
      multi_json (~> 1.0)
      rubyzip (< 1.0.0)
      websocket (~> 1.0.4)
    sexp_processor (4.5.0)
    shellany (0.0.1)
    signet (0.4.5)
      addressable (>= 2.2.3)
      faraday (~> 0.8.1)
      jwt (>= 0.1.5)
      multi_json (>= 1.0.0)
    simple-navigation (3.11.0)
      activesupport (>= 2.3.2)
    simple_form (3.0.3)
      actionpack (~> 4.0)
      activemodel (~> 4.0)
    sinatra (1.4.5)
      rack (~> 1.4)
      rack-protection (~> 1.4)
      tilt (~> 1.3, >= 1.3.4)
    slim (2.1.0)
      temple (~> 0.6.9)
      tilt (>= 1.3.3, < 2.1)
    slop (3.6.0)
    spork (1.0.0rc4)
    sprockets (2.12.3)
      hike (~> 1.2)
      multi_json (~> 1.0)
      rack (~> 1.0)
      tilt (~> 1.1, != 1.3.0)
    sprockets-rails (2.2.4)
      actionpack (>= 3.0)
      activesupport (>= 3.0)
      sprockets (>= 2.8, < 4.0)
    table_print (1.5.3)
    temple (0.6.10)
    terminal-table (1.4.5)
    therubyracer (0.12.1)
      libv8 (~> 3.16.14.0)
      ref
    thin (1.6.3)
      daemons (~> 1.0, >= 1.0.9)
      eventmachine (~> 1.0)
      rack (~> 1.0)
    thor (0.19.1)
    thread_safe (0.3.5)
    tilt (1.4.1)
    timeliness (0.3.7)
    timers (4.0.1)
      hitimes
    turbolinks (1.3.1)
      coffee-rails
    tzinfo (0.3.43)
    uglifier (2.1.1)
      execjs (>= 0.3.0)
      multi_json (~> 1.0, >= 1.0.2)
    uniform_notifier (1.7.0)
    unparser (0.2.2)
      abstract_type (~> 0.0.7)
      adamantium (~> 0.2.0)
      concord (~> 0.1.5)
      diff-lcs (~> 1.2.5)
      equalizer (~> 0.0.9)
      parser (~> 2.2.0.2)
      procto (~> 0.0.2)
    uuidtools (2.1.5)
    validates_timeliness (3.0.14)
      timeliness (~> 0.3.6)
    warden (1.2.3)
      rack (>= 1.0)
    websocket (1.0.7)
    will_paginate (3.0.4)
    xpath (2.0.0)
      nokogiri (~> 1.3)

PLATFORMS
  ruby

DEPENDENCIES
  annotate!
  bcrypt-ruby (= 3.0.1)
  better_errors!
  binding_of_caller!
  bootstrap-sass (= 2.3.2.0)
  bootstrap-will_paginate (= 0.0.9)
  brakeman (~> 2.1.2)
  breadcrumbs_on_rails (~> 2.3.0)
  bullet!
  cancan (~> 1.6.10)
  capybara (= 2.1.0)
  childprocess
  clockwork (~> 0.6.2)
  coffee-rails (= 4.0.0)
  database_cleaner!
  delayed_job_active_record (~> 4.0.0)
  delayed_job_web
  descriptive_statistics!
  devise (~> 3.4.1)
  devise-async!
  email_spec!
  enumerize (~> 0.7.0)
  factory_girl_rails
  ffaker (~> 1.18.0)
  figaro (~> 0.7.0)
  foreigner!
  google-api-client (~> 0.6.4)
  guard-rspec (~> 4.0.0)
  guard-spork (~> 1.5.1)
  haml-rails (~> 0.5.2)
  i18n-js (~> 2.1.2)
  icalendar (~> 1.4.1)
  ice_cube (~> 0.11.1)
  immigrant!
  jbuilder (= 1.5.0)
  jquery-datatables-rails (~> 1.12.2)
  jquery-rails (= 2.2.1)
  jquery-simplecolorpicker-rails!
  jquery-turbolinks (~> 2.0.1)
  lol_dba!
  merit!
  nested_form!
  nokogiri
  omniauth
  omniauth-facebook!
  omniauth-google-oauth2!
  pg
  premailer-rails (~> 1.8.0)
  pry-byebug!
  quiet_assets!
  rack-mini-profiler!
  railroady!
  rails (~> 4.0.0)
  rails-footnotes!
  rails_12factor (= 0.0.2)
  rb-readline
  recaptcha (~> 0.3.5)
  reek!
  request-log-analyzer!
  rspec-rails (= 2.14.0)
  sass-rails (~> 4.0.0)
  sdoc
  selenium-webdriver (~> 2.35.1)
  simple-navigation (~> 3.11.0)
  simple_form (~> 3.0.0.rc)
  spork-rails!
  sprockets-urlrewriter!
  table_print (~> 1.5.1)
  therubyracer
  thin
  traceroute!
  turbolinks (~> 1.3.1)
  uglifier (= 2.1.1)
  validates_timeliness (~> 3.0.14)
  will_paginate (= 3.0.4)
  xray-rails!
