GIT
  remote: git://github.com/MiniProfiler/rack-mini-profiler.git
  revision: dbb7e4f07ed2369ffb1d7a27f7aa9d1ea86b72b2
  specs:
    rack-mini-profiler (0.9.2)
      rack (>= 1.1.3)

GIT
  remote: git://github.com/amatsuda/traceroute.git
  revision: 4df4c5cbc54d7891843cb3dc7253ed7de9f78020
  specs:
    traceroute (0.4.0)
      rails (>= 3.0.0)

GIT
  remote: git://github.com/banister/binding_of_caller.git
  revision: 21361f1b38b9a514f8280b69f919787235b5d354
  specs:
    binding_of_caller (0.7.3.pre1)
      debug_inspector (>= 0.0.1)

GIT
  remote: git://github.com/bmabey/database_cleaner.git
  revision: bef9fe27e7fdf470b737c4f9140c7f029f81b607
  specs:
    database_cleaner (1.4.0)

GIT
  remote: git://github.com/bmabey/email-spec.git
  revision: d0941baf389b50c62b2eb77d9f60081a860eda1c
  specs:
    email_spec (1.6.0)
      launchy (~> 2.1)
      mail (~> 2.2)

GIT
  remote: git://github.com/brentd/xray-rails.git
  revision: 1a5641c57a285590880324ae085a64e56dcdca1a
  specs:
    xray-rails (0.1.15)
      coffee-rails
      rails (>= 3.1.0)

GIT
  remote: git://github.com/charliesome/better_errors.git
  revision: 3247eae5ccb7f33f0e84df779d70b053ace81edf
  specs:
    better_errors (2.1.1)
      coderay (>= 1.0.0)
      erubis (>= 2.6.6)
      rack (>= 0.9.0)

GIT
  remote: git://github.com/ctran/annotate_models.git
  revision: 038b13c04e575cc0f0c89c702c994166c7dc9955
  specs:
    annotate (2.6.5)
      activerecord (>= 2.3.0)
      rake (>= 0.8.7)

GIT
  remote: git://github.com/deivid-rodriguez/pry-byebug.git
  revision: a2d6a039be30aa856efc867e0e8a0c7fd720fadf
  specs:
    pry-byebug (2.0.0)
      byebug (~> 3.4)
      pry (~> 0.10)

GIT
  remote: git://github.com/evrone/quiet_assets.git
  revision: f3f349b53e7cbc141febf29633071518cc94ebb8
  specs:
    quiet_assets (1.1.0)
      railties (>= 3.1, < 5.0)

GIT
  remote: git://github.com/flyerhzm/bullet.git
  revision: a9f8f5eadfc11c032e54474cd6a3aa668dd28621
  specs:
    bullet (4.14.3)
      activesupport (>= 3.0.0)
      uniform_notifier (>= 1.6.0)

GIT
  remote: git://github.com/jenseng/immigrant.git
  revision: 05fc081479cfc46d50e4c0bb8569f0ee31415ccc
  specs:
    immigrant (0.2.0)
      activerecord (>= 3.0)

GIT
  remote: git://github.com/josevalim/rails-footnotes.git
  revision: 3c431443deab37f38748c7e8abc96c05f08d918b
  specs:
    rails-footnotes (4.1.4)
      rails (>= 3.2)

GIT
  remote: git://github.com/lsgpimentel/gritter.git
  revision: 45c88100663e2dc3ef470a831f875f6f4f8f5262
  specs:
    gritter (1.0.3)

GIT
  remote: git://github.com/lsgpimentel/sprockets-urlrewriter.git
  revision: d7b9d353a1eda754ff2bd4af749eb20e66b0182c
  specs:
    sprockets-urlrewriter (0.1.3)
      sprockets

GIT
  remote: git://github.com/matthuhiggins/foreigner.git
  revision: 3055686242902b7bd6be5354e167c5d00fc76c78
  specs:
    foreigner (1.7.2)
      activerecord (>= 3.0.0)

GIT
  remote: git://github.com/mhfs/devise-async.git
  revision: e9d96eaa00ac98634ba9d425beb0a26650125588
  specs:
    devise-async (0.9.0)
      devise (~> 3.2)

GIT
  remote: git://github.com/mkdynamic/omniauth-facebook.git
  revision: 9f729037e5c27d102462ebbb205b5da17f9aaf86
  specs:
    omniauth-facebook (2.0.0)
      omniauth-oauth2 (~> 1.2)

GIT
  remote: git://github.com/plentz/lol_dba.git
  revision: d665c16671f84671486824f67799e22cae8e628e
  specs:
    lol_dba (1.6.3)
      actionpack (>= 3.0, < 5.0)
      activerecord (>= 3.0, < 5.0)
      railties (>= 3.0, < 5.0)

GIT
  remote: git://github.com/preston/railroady.git
  revision: 1ae5f3a94b0ba26e757d73048b0da33911b9609d
  specs:
    railroady (1.3.0)

GIT
  remote: git://github.com/ryanb/nested_form.git
  revision: 1b0689dfb4d230ceabd278eba159fcb02f23c68a
  specs:
    nested_form (0.3.2)

GIT
  remote: git://github.com/sporkrb/spork-rails.git
  revision: 0dd45e59d3237b4c8f9efc215b46d9c07072a95e
  specs:
    spork-rails (4.0.0)
      rails (>= 3.0.0, < 5)
      spork (>= 1.0rc0)

GIT
  remote: git://github.com/thirtysixthspan/descriptive_statistics.git
  revision: d344bc129b22f2c2d004658595e037eff9fae24d
  specs:
    descriptive_statistics (2.5.1)

GIT
  remote: git://github.com/tkrotoff/jquery-simplecolorpicker-rails.git
  revision: ccdca033e6799d3d1dba1a364abe185c07ecaab5
  specs:
    jquery-simplecolorpicker-rails (0.5.0)
      railties (>= 3.1.0)

GIT
  remote: git://github.com/troessner/reek.git
  revision: 00b77d4810e3e9d8b96caa953c561d21059183c4
  specs:
    reek (1.6.3)
      parser (~> 2.2)
      rainbow (~> 2.0)
      unparser (~> 0.2.2)

GIT
  remote: git://github.com/tute/merit.git
  revision: 14a9fe1ae6e85020a99d8bd9546d0d706daf31e3
  specs:
    merit (2.3.1)
      ambry (~> 0.3.0)

GIT
  remote: git://github.com/wvanbergen/request-log-analyzer.git
  revision: b83865d440278583ac8e4901bb33878244fd7c75
  specs:
    request-log-analyzer (1.13.4)

GIT
  remote: git://github.com/zquestz/omniauth-google-oauth2.git
  revision: 74d9e4fa4ec369bbb088628b1f400e54d3094fd9
  specs:
    omniauth-google-oauth2 (0.2.6)
      omniauth (>= 1.1.1)
      omniauth-oauth2 (>= 1.1.1)

GEM
  remote: https://rubygems.org/
  specs:
    abstract_type (0.0.7)
    actionmailer (4.0.13)
      actionpack (= 4.0.13)
      mail (~> 2.5, >= 2.5.4)
    actionpack (4.0.13)
      activesupport (= 4.0.13)
      builder (~> 3.1.0)
      erubis (~> 2.7.0)
      rack (~> 1.5.2)
      rack-test (~> 0.6.2)
    activemodel (4.0.13)
      activesupport (= 4.0.13)
      builder (~> 3.1.0)
    activerecord (4.0.13)
      activemodel (= 4.0.13)
      activerecord-deprecated_finders (~> 1.0.2)
      activesupport (= 4.0.13)
      arel (~> 4.0.0)
    activerecord-deprecated_finders (1.0.3)
    activesupport (4.0.13)
      i18n (~> 0.6, >= 0.6.9)
      minitest (~> 4.2)
      multi_json (~> 1.3)
      thread_safe (~> 0.1)
      tzinfo (~> 0.3.37)
    adamantium (0.2.0)
      ice_nine (~> 0.11.0)
      memoizable (~> 0.4.0)
    addressable (2.3.6)
    ambry (0.3.1)
    arel (4.0.2)
    ast (2.0.0)
    autoparse (0.3.3)
      addressable (>= 2.3.1)
      extlib (>= 0.9.15)
      multi_json (>= 1.0.0)
    bcrypt (3.1.10)
    bcrypt-ruby (3.0.1)
    bootstrap-sass (2.3.2.0)
      sass (~> 3.2)
    bootstrap-will_paginate (0.0.9)
      will_paginate
    brakeman (2.1.2)
      erubis (~> 2.6)
      fastercsv (~> 1.5)
      haml (>= 3.0, < 5.0)
      highline (~> 1.6.19)
      multi_json (~> 1.2)
      ruby2ruby (~> 2.0.5)
      ruby_parser (~> 3.2.2)
      sass (~> 3.0)
      slim (>= 1.3.6, < 3.0)
      terminal-table (~> 1.4)
    breadcrumbs_on_rails (2.3.0)
    builder (3.1.4)
    byebug (3.5.1)
      columnize (~> 0.8)
      debugger-linecache (~> 1.2)
      slop (~> 3.6)
    cancan (1.6.10)
    capybara (2.1.0)
      mime-types (>= 1.16)
      nokogiri (>= 1.3.3)
      rack (>= 1.0.0)
      rack-test (>= 0.5.4)
      xpath (~> 2.0)
    celluloid (0.16.0)
      timers (~> 4.0.0)
    childprocess (0.5.5)
      ffi (~> 1.0, >= 1.0.11)
    clockwork (0.6.2)
      activesupport
      tzinfo (~> 0.3.35)
    coderay (1.1.0)
    coffee-rails (4.0.0)
      coffee-script (>= 2.2.0)
      railties (>= 4.0.0.beta, < 5.0)
    coffee-script (2.3.0)
      coffee-script-source
      execjs
    coffee-script-source (1.9.0)
    columnize (0.9.0)
    concord (0.1.5)
      adamantium (~> 0.2.0)
      equalizer (~> 0.0.9)
    css_parser (1.3.6)
      addressable
    daemons (1.1.9)
    debug_inspector (0.0.2)
    debugger-linecache (1.2.0)
    delayed_job (4.0.6)
      activesupport (>= 3.0, < 5.0)
    delayed_job_active_record (4.0.3)
      activerecord (>= 3.0, < 5.0)
      delayed_job (>= 3.0, < 4.1)
    devise (3.4.1)
      bcrypt (~> 3.0)
      orm_adapter (~> 0.1)
      railties (>= 3.2.6, < 5)
      responders
      thread_safe (~> 0.1)
      warden (~> 1.2.3)
    diff-lcs (1.2.5)
    enumerize (0.7.0)
      activesupport (>= 3.2)
    equalizer (0.0.9)
    erubis (2.7.0)
    eventmachine (1.0.4)
    execjs (2.2.2)
    extlib (0.9.16)
    factory_girl (4.5.0)
      activesupport (>= 3.0.0)
    factory_girl_rails (4.5.0)
      factory_girl (~> 4.5.0)
      railties (>= 3.0.0)
    faraday (0.8.9)
      multipart-post (~> 1.2.0)
    fastercsv (1.5.5)
    ffaker (1.18.0)
    ffi (1.9.6)
    figaro (0.7.0)
      bundler (~> 1.0)
      rails (>= 3, < 5)
    formatador (0.2.5)
    google-api-client (0.6.4)
      addressable (>= 2.3.2)
      autoparse (>= 0.3.3)
      extlib (>= 0.9.15)
      faraday (~> 0.8.4)
      jwt (>= 0.1.5)
      launchy (>= 2.1.1)
      multi_json (>= 1.0.0)
      signet (~> 0.4.5)
      uuidtools (>= 2.1.0)
    guard (2.11.1)
      formatador (>= 0.2.4)
      listen (~> 2.7)
      lumberjack (~> 1.0)
      nenv (~> 0.1)
      notiffany (~> 0.0)
      pry (>= 0.9.12)
      shellany (~> 0.0)
      thor (>= 0.18.1)
    guard-rspec (4.0.4)
      guard (>= 2.1.1)
      rspec (~> 2.14)
    guard-spork (1.5.1)
      childprocess (>= 0.2.3)
      guard (>= 1.1)
      spork (>= 0.8.4)
    haml (4.0.6)
      tilt
    haml-rails (0.5.3)
      actionpack (>= 4.0.1)
      activesupport (>= 4.0.1)
      haml (>= 3.1, < 5.0)
      railties (>= 4.0.1)
    hashie (3.3.2)
    highline (1.6.21)
    hike (1.2.3)
    hitimes (1.2.2)
    htmlentities (4.3.1)
    i18n (0.7.0)
    i18n-js (2.1.2)
      i18n
    icalendar (1.4.5)
    ice_cube (0.11.3)
    ice_nine (0.11.1)
    jbuilder (1.5.0)
      activesupport (>= 3.0.0)
      multi_json (>= 1.2.0)
    jquery-datatables-rails (1.12.2)
      jquery-rails
    jquery-rails (2.2.1)
      railties (>= 3.0, < 5.0)
      thor (>= 0.14, < 2.0)
    jquery-turbolinks (2.0.2)
      railties (>= 3.1.0)
      turbolinks
    json (1.8.2)
    jwt (1.2.1)
    launchy (2.4.3)
      addressable (~> 2.3)
    libv8 (3.16.14.7)
    listen (2.8.5)
      celluloid (>= 0.15.2)
      rb-fsevent (>= 0.9.3)
      rb-inotify (>= 0.9)
    lumberjack (1.0.9)
    mail (2.6.3)
      mime-types (>= 1.16, < 3)
    memoizable (0.4.2)
      thread_safe (~> 0.3, >= 0.3.1)
    method_source (0.8.2)
    mime-types (2.4.3)
    mini_portile (0.6.2)
    minitest (4.7.5)
    multi_json (1.10.1)
    multi_xml (0.5.5)
    multipart-post (1.2.0)
    nenv (0.2.0)
    nokogiri (1.6.6.2)
      mini_portile (~> 0.6.0)
    notiffany (0.0.3)
      nenv (~> 0.1)
      shellany (~> 0.0)
    oauth2 (1.0.0)
      faraday (>= 0.8, < 0.10)
      jwt (~> 1.0)
      multi_json (~> 1.3)
      multi_xml (~> 0.5)
      rack (~> 1.2)
    omniauth (1.2.2)
      hashie (>= 1.2, < 4)
      rack (~> 1.0)
    omniauth-oauth2 (1.2.0)
      faraday (>= 0.8, < 0.10)
      multi_json (~> 1.3)
      oauth2 (~> 1.0)
      omniauth (~> 1.2)
    orm_adapter (0.5.0)
    parser (2.2.0.2)
      ast (>= 1.1, < 3.0)
    pg (0.18.1)
    premailer (1.8.3)
      css_parser (>= 1.3.6)
      htmlentities (>= 4.0.0, <= 4.3.1)
    premailer-rails (1.8.0)
      actionmailer (>= 3, < 5)
      premailer (~> 1.7, >= 1.7.9)
    procto (0.0.2)
    pry (0.10.1)
      coderay (~> 1.1.0)
      method_source (~> 0.8.1)
      slop (~> 3.4)
    rack (1.5.2)
    rack-test (0.6.3)
      rack (>= 1.0)
    rails (4.0.13)
      actionmailer (= 4.0.13)
      actionpack (= 4.0.13)
      activerecord (= 4.0.13)
      activesupport (= 4.0.13)
      bundler (>= 1.3.0, < 2.0)
      railties (= 4.0.13)
      sprockets-rails (~> 2.0)
    rails_12factor (0.0.2)
      rails_serve_static_assets
      rails_stdout_logging
    rails_serve_static_assets (0.0.4)
    rails_stdout_logging (0.0.3)
    railties (4.0.13)
      actionpack (= 4.0.13)
      activesupport (= 4.0.13)
      rake (>= 0.8.7)
      thor (>= 0.18.1, < 2.0)
    rainbow (2.0.0)
    rake (10.4.2)
    rb-fsevent (0.9.4)
    rb-inotify (0.9.5)
      ffi (>= 0.5.0)
    rb-readline (0.5.2)
    rdoc (4.2.0)
      json (~> 1.4)
    recaptcha (0.3.6)
    ref (1.0.5)
    responders (1.1.2)
      railties (>= 3.2, < 4.2)
    rspec (2.14.1)
      rspec-core (~> 2.14.0)
      rspec-expectations (~> 2.14.0)
      rspec-mocks (~> 2.14.0)
    rspec-core (2.14.8)
    rspec-expectations (2.14.5)
      diff-lcs (>= 1.1.3, < 2.0)
    rspec-mocks (2.14.6)
    rspec-rails (2.14.0)
      actionpack (>= 3.0)
      activesupport (>= 3.0)
      railties (>= 3.0)
      rspec-core (~> 2.14.0)
      rspec-expectations (~> 2.14.0)
      rspec-mocks (~> 2.14.0)
    ruby2ruby (2.0.8)
      ruby_parser (~> 3.1)
      sexp_processor (~> 4.0)
    ruby_parser (3.2.2)
      sexp_processor (~> 4.1)
    rubyzip (0.9.9)
    sass (3.4.11)
    sass-rails (4.0.0)
      railties (>= 4.0.0.beta, < 5.0)
      sass (>= 3.1.10)
      sprockets-rails (~> 2.0.0)
    sdoc (0.4.1)
      json (~> 1.7, >= 1.7.7)
      rdoc (~> 4.0)
    selenium-webdriver (2.35.1)
      childprocess (>= 0.2.5)
      multi_json (~> 1.0)
      rubyzip (< 1.0.0)
      websocket (~> 1.0.4)
    sexp_processor (4.4.5)
    shellany (0.0.1)
    signet (0.4.5)
      addressable (>= 2.2.3)
      faraday (~> 0.8.1)
      jwt (>= 0.1.5)
      multi_json (>= 1.0.0)
    simple-navigation (3.11.0)
      activesupport (>= 2.3.2)
    simple_form (3.0.3)
      actionpack (~> 4.0)
      activemodel (~> 4.0)
    slim (2.1.0)
      temple (~> 0.6.9)
      tilt (>= 1.3.3, < 2.1)
    slop (3.6.0)
    spork (1.0.0rc4)
    sprockets (2.12.3)
      hike (~> 1.2)
      multi_json (~> 1.0)
      rack (~> 1.0)
      tilt (~> 1.1, != 1.3.0)
    sprockets-rails (2.0.1)
      actionpack (>= 3.0)
      activesupport (>= 3.0)
      sprockets (~> 2.8)
    table_print (1.5.3)
    temple (0.6.10)
    terminal-table (1.4.5)
    therubyracer (0.12.1)
      libv8 (~> 3.16.14.0)
      ref
    thin (1.6.3)
      daemons (~> 1.0, >= 1.0.9)
      eventmachine (~> 1.0)
      rack (~> 1.0)
    thor (0.19.1)
    thread_safe (0.3.4)
    tilt (1.4.1)
    timeliness (0.3.7)
    timers (4.0.1)
      hitimes
    turbolinks (1.3.1)
      coffee-rails
    tzinfo (0.3.43)
    uglifier (2.1.1)
      execjs (>= 0.3.0)
      multi_json (~> 1.0, >= 1.0.2)
    uniform_notifier (1.6.2)
    unparser (0.2.2)
      abstract_type (~> 0.0.7)
      adamantium (~> 0.2.0)
      concord (~> 0.1.5)
      diff-lcs (~> 1.2.5)
      equalizer (~> 0.0.9)
      parser (~> 2.2.0.2)
      procto (~> 0.0.2)
    uuidtools (2.1.5)
    validates_timeliness (3.0.14)
      timeliness (~> 0.3.6)
    warden (1.2.3)
      rack (>= 1.0)
    websocket (1.0.7)
    will_paginate (3.0.4)
    xpath (2.0.0)
      nokogiri (~> 1.3)

PLATFORMS
  ruby

DEPENDENCIES
  annotate!
  bcrypt-ruby (= 3.0.1)
  better_errors!
  binding_of_caller!
  bootstrap-sass (= 2.3.2.0)
  bootstrap-will_paginate (= 0.0.9)
  brakeman (~> 2.1.2)
  breadcrumbs_on_rails (~> 2.3.0)
  bullet!
  cancan (~> 1.6.10)
  capybara (= 2.1.0)
  childprocess
  clockwork (~> 0.6.2)
  coffee-rails (= 4.0.0)
  database_cleaner!
  delayed_job_active_record (~> 4.0.0)
  descriptive_statistics!
  devise (~> 3.4.1)
  devise-async!
  email_spec!
  enumerize (~> 0.7.0)
  factory_girl_rails
  ffaker (~> 1.18.0)
  figaro (~> 0.7.0)
  foreigner!
  google-api-client (~> 0.6.4)
  gritter!
  guard-rspec (~> 4.0.0)
  guard-spork (~> 1.5.1)
  haml-rails (~> 0.5.2)
  i18n-js (~> 2.1.2)
  icalendar (~> 1.4.1)
  ice_cube (~> 0.11.1)
  immigrant!
  jbuilder (= 1.5.0)
  jquery-datatables-rails (~> 1.12.2)
  jquery-rails (= 2.2.1)
  jquery-simplecolorpicker-rails!
  jquery-turbolinks (~> 2.0.1)
  lol_dba!
  merit!
  nested_form!
  nokogiri
  omniauth
  omniauth-facebook!
  omniauth-google-oauth2!
  pg
  premailer-rails (~> 1.8.0)
  pry-byebug!
  quiet_assets!
  rack-mini-profiler!
  railroady!
  rails (~> 4.0.0)
  rails-footnotes!
  rails_12factor (= 0.0.2)
  rb-readline
  recaptcha (~> 0.3.5)
  reek!
  request-log-analyzer!
  rspec-rails (= 2.14.0)
  sass-rails (= 4.0.0)
  sdoc
  selenium-webdriver (~> 2.35.1)
  simple-navigation (~> 3.11.0)
  simple_form (~> 3.0.0.rc)
  spork-rails!
  sprockets-urlrewriter!
  table_print (~> 1.5.1)
  therubyracer
  thin
  traceroute!
  turbolinks (~> 1.3.1)
  uglifier (= 2.1.1)
  validates_timeliness (~> 3.0.14)
  will_paginate (= 3.0.4)
  xray-rails!
